GEM
  remote: http://rubygems.org/
  specs:
    rack-rewrite (1.1.0)

PLATFORMS
  ruby

DEPENDENCIES
  rack-rewrite
