GEM
  remote: http://rubygems.org/
  specs:
    active_support (3.0.0)
      activesupport (= 3.0.0)
    activesupport (3.0.0)
    i18n (0.6.0)
    liquid (2.2.2)
    mail (2.3.0)
      i18n (>= 0.4.0)
      mime-types (~> 1.16)
      treetop (~> 1.4.8)
    mime-types (1.16)
    polyglot (0.3.2)
    pony (1.3)
      mail (> 2.0)
    rack (1.2.3)
    rack-contrib (1.1.0)
      rack (>= 0.9.1)
    rack-rewrite (1.1.0)
    sinatra (1.2.6)
      rack (~> 1.1)
      tilt (< 2.0, >= 1.2.2)
    tilt (1.3.2)
    treetop (1.4.10)
      polyglot
      polyglot (>= 0.3.1)

PLATFORMS
  ruby

DEPENDENCIES
  active_support
  liquid
  pony
  rack
  rack-contrib
  rack-rewrite
  sinatra
